GEM
  remote: https://rubygems.org/
  specs:
    addressable (2.5.1)
      public_suffix (~> 2.0, >= 2.0.2)
    coffee-script (2.4.1)
      coffee-script-source
      execjs
    coffee-script-source (1.12.2)
    execjs (2.7.0)
    json (2.1.0)
    launchy (2.4.3)
      addressable (~> 2.3)
    libv8 (3.16.14.19)
    prez (0.1.1)
      coffee-script (~> 2.3)
      launchy (~> 2.4)
      sass (~> 3.4)
      therubyracer (~> 0.12)
      thor (~> 0.19)
      uglifier (~> 2.7)
    public_suffix (2.0.5)
    ref (2.0.0)
    sass (3.4.23)
    therubyracer (0.12.3)
      libv8 (~> 3.16.14.15)
      ref
    thor (0.19.4)
    uglifier (2.7.2)
      execjs (>= 0.3.0)
      json (>= 1.8.0)

PLATFORMS
  ruby

DEPENDENCIES
  prez (~> 0.1.1)

BUNDLED WITH
   1.11.2
